{
    "Modality": "MR",
    "MagneticFieldStrength": 3,
    "ImagingFrequency": 123.220721,
    "Manufacturer": "Siemens",
    "ManufacturersModelName": "MAGNETOM Prisma",
    "InstitutionName": "TTK AKK",
    "InstitutionAddress": "Magyar Tudosok Korutja 2,Budapest,,HU,1117",
    "DeviceSerialNumber": "66040",
    "StationName": "AWP66040",
    "BodyPartExamined": "HEAD",
    "PatientPosition": "HFS",
    "ProcedureStepDescription": "head Aktualis",
    "SoftwareVersions": "syngo MR XA30",
    "MRAcquisitionType": "2D",
    "SeriesDescription": "MAP_2",
    "ProtocolName": "MAP_2",
    "ScanningSequence": "EP",
    "SequenceVariant": "SK",
    "ScanOptions": "PFP\\FS",
    "PulseSequenceName": "*epfid2d1_104",
    "ImageType": [
        "ORIGINAL",
        "PRIMARY",
        "FMRI",
        "NONE"
    ],
    "ImageTypeText": [
        "ORIGINAL",
        "PRIMARY",
        "M",
        "ND",
        "NORM"
    ],
    "NonlinearGradientCorrection": false,
    "SeriesNumber": 10,
    "AcquisitionTime": "18:14:36.662500",
    "AcquisitionNumber": 1,
    "SliceThickness": 2,
    "SpacingBetweenSlices": 2.5,
    "EchoTime": 0.032,
    "RepetitionTime": 1.15,
    "MTState": false,
    "FlipAngle": 55,
    "PartialFourier": 0.875,
    "BaseResolution": 104,
    "ShimSetting": [
        5892,
        -1083,
        1108,
        369,
        7,
        -41,
        -63,
        -8
    ],
    "TxRefAmp": 260.496,
    "PhaseResolution": 1,
    "ReceiveCoilName": "Head_32",
    "ReceiveCoilActiveElements": "HEA;HEP",
    "CoilString": "Head_32",
    "PulseSequenceDetails": "%SiemensSeq%\\ep2d_bold",
    "RefLinesPE": 25,
    "CoilCombinationMethod": "Sum of Squares",
    "MultibandAccelerationFactor": 4,
    "PercentPhaseFOV": 100,
    "PercentSampling": 100,
    "EchoTrainLength": 91,
    "PartialFourierDirection": "PHASE",
    "PhaseEncodingSteps": 104,
    "FrequencyEncodingSteps": 104,
    "AcquisitionMatrixPE": 104,
    "ReconMatrixPE": 104,
    "BandwidthPerPixelPhaseEncode": 14.793,
    "ParallelAcquisitionTechnique": "SMS",
    "EffectiveEchoSpacing": 0.000649996,
    "DerivedVendorReportedEchoSpacing": 0.000649996,
    "TotalReadoutTime": 0.0669495,
    "PixelBandwidth": 1849,
    "DwellTime": 2.6e-06,
    "PhaseEncodingDirection": "j-",
    "SliceTiming": [
        0.805,
        0,
        0.565,
        0.08,
        0.645,
        0.16,
        0.725,
        0.3225,
        0.8875,
        0.4025,
        0.9675,
        0.4825,
        1.0475,
        0.24,
        0.805,
        0,
        0.565,
        0.08,
        0.645,
        0.16,
        0.725,
        0.3225,
        0.8875,
        0.4025,
        0.9675,
        0.4825,
        1.0475,
        0.24,
        0.805,
        0,
        0.565,
        0.08,
        0.645,
        0.16,
        0.725,
        0.3225,
        0.8875,
        0.4025,
        0.9675,
        0.4825,
        1.0475,
        0.24,
        0.805,
        0,
        0.565,
        0.08,
        0.645,
        0.16,
        0.725,
        0.3225,
        0.8875,
        0.4025,
        0.9675,
        0.4825,
        1.0475,
        0.24
    ],
    "ImageOrientationPatientDICOM": [
        0.999112,
        0.0179278,
        0.0381374,
        -0.0315729,
        0.91785,
        0.395669
    ],
    "InPlanePhaseEncodingDirectionDICOM": "COL",
    "ConversionSoftware": "dcm2niix",
    "ConversionSoftwareVersion": "v1.0.20230411",
    "Dcm2bidsVersion": "2.1.6",
    "TaskName": "smst_map"
}