{
    "Modality": "MR",
    "MagneticFieldStrength": 3,
    "ImagingFrequency": 123.220742,
    "Manufacturer": "Siemens",
    "ManufacturersModelName": "MAGNETOM Prisma",
    "InstitutionName": "TTK AKK",
    "InstitutionAddress": "Magyar Tudosok Korutja 2,Budapest,,HU,1117",
    "DeviceSerialNumber": "66040",
    "StationName": "AWP66040",
    "BodyPartExamined": "HEAD",
    "PatientPosition": "HFS",
    "ProcedureStepDescription": "head Aktualis",
    "SoftwareVersions": "syngo MR XA30",
    "MRAcquisitionType": "2D",
    "SeriesDescription": "field_map_enc_pa",
    "ProtocolName": "field_map_enc_pa",
    "ScanningSequence": "EP",
    "SequenceVariant": "SK",
    "ScanOptions": "PFP\\FS",
    "PulseSequenceName": "*epfid2d1_136",
    "ImageType": [
        "ORIGINAL",
        "PRIMARY",
        "FMRI",
        "NONE"
    ],
    "ImageTypeText": [
        "ORIGINAL",
        "PRIMARY",
        "M",
        "ND",
        "NORM"
    ],
    "NonlinearGradientCorrection": false,
    "SeriesNumber": 9,
    "AcquisitionTime": "15:24:41.365000",
    "AcquisitionNumber": 1,
    "SliceThickness": 1.5,
    "SpacingBetweenSlices": 1.875,
    "EchoTime": 0.066,
    "RepetitionTime": 8,
    "MTState": false,
    "FlipAngle": 55,
    "PartialFourier": 0.75,
    "BaseResolution": 136,
    "ShimSetting": [
        5882,
        -1059,
        1100,
        240,
        -34,
        -182,
        -36,
        2
    ],
    "TxRefAmp": 261.398,
    "PhaseResolution": 1,
    "ReceiveCoilName": "Head_32",
    "ReceiveCoilActiveElements": "HEA;HEP",
    "CoilString": "Head_32",
    "PulseSequenceDetails": "%SiemensSeq%\\ep2d_bold",
    "RefLinesPE": 25,
    "CoilCombinationMethod": "Sum of Squares",
    "MultibandAccelerationFactor": 6,
    "PercentPhaseFOV": 100,
    "PercentSampling": 100,
    "EchoTrainLength": 102,
    "PartialFourierDirection": "PHASE",
    "PhaseEncodingSteps": 136,
    "FrequencyEncodingSteps": 136,
    "AcquisitionMatrixPE": 136,
    "ReconMatrixPE": 136,
    "BandwidthPerPixelPhaseEncode": 10.656,
    "ParallelAcquisitionTechnique": "SMS",
    "EffectiveEchoSpacing": 0.000690028,
    "DerivedVendorReportedEchoSpacing": 0.000690028,
    "TotalReadoutTime": 0.0931538,
    "PixelBandwidth": 1838,
    "DwellTime": 2e-06,
    "PhaseEncodingDirection": "j",
    "SliceTiming": [
        5.585,
        0,
        3.99,
        0.7975,
        4.7875,
        2.3925,
        6.3825,
        3.19,
        7.18,
        1.595,
        5.585,
        0,
        3.99,
        0.7975,
        4.7875,
        2.3925,
        6.3825,
        3.19,
        7.18,
        1.595,
        5.585,
        0,
        3.99,
        0.7975,
        4.7875,
        2.3925,
        6.3825,
        3.19,
        7.18,
        1.595,
        5.585,
        0,
        3.99,
        0.7975,
        4.7875,
        2.3925,
        6.3825,
        3.19,
        7.18,
        1.595,
        5.585,
        0,
        3.99,
        0.7975,
        4.7875,
        2.3925,
        6.3825,
        3.19,
        7.18,
        1.595,
        5.585,
        0,
        3.99,
        0.7975,
        4.7875,
        2.3925,
        6.3825,
        3.19,
        7.18,
        1.595
    ],
    "ImageOrientationPatientDICOM": [
        0.999704,
        0.0242934,
        0.000950371,
        -0.0221628,
        0.894564,
        0.446389
    ],
    "InPlanePhaseEncodingDirectionDICOM": "COL",
    "ConversionSoftware": "dcm2niix",
    "ConversionSoftwareVersion": "v1.0.20230411",
    "Dcm2bidsVersion": "2.1.6",
    "IntendedFor": [
        "ses-01/func/sub-193800_ses-01_task-smst_acq-enc_run-01_bold.nii.gz",
        "ses-01/func/sub-193800_ses-01_task-smst_acq-enc_run-02_bold.nii.gz",
        "ses-01/func/sub-193800_ses-01_task-smst_acq-enc_run-03_bold.nii.gz"
    ]
}