{
    "Modality": "MR",
    "MagneticFieldStrength": 3,
    "ImagingFrequency": 123.220697,
    "Manufacturer": "Siemens",
    "ManufacturersModelName": "MAGNETOM Prisma",
    "InstitutionName": "TTK AKK",
    "InstitutionAddress": "Magyar Tudosok Korutja 2,Budapest,,HU,1117",
    "DeviceSerialNumber": "66040",
    "StationName": "AWP66040",
    "BodyPartExamined": "HEAD",
    "PatientPosition": "HFS",
    "ProcedureStepDescription": "head Aktualis",
    "SoftwareVersions": "syngo MR XA30",
    "MRAcquisitionType": "2D",
    "SeriesDescription": "PD_tse_hippocampus",
    "ProtocolName": "PD_tse_hippocampus",
    "ScanningSequence": "SE",
    "SequenceVariant": "SK\\SP\\OSP",
    "ScanOptions": "FS",
    "PulseSequenceName": "*tse2d1rr11",
    "ImageType": [
        "ORIGINAL",
        "PRIMARY",
        "M",
        "NONE"
    ],
    "ImageTypeText": [
        "ORIGINAL",
        "PRIMARY",
        "M",
        "NORM",
        "DIS2D"
    ],
    "NonlinearGradientCorrection": true,
    "SeriesNumber": 21,
    "AcquisitionTime": "11:08:29.235000",
    "AcquisitionNumber": 1,
    "SliceThickness": 2,
    "SpacingBetweenSlices": 2,
    "EchoTime": 0.016,
    "RepetitionTime": 6.49,
    "MTState": false,
    "SpoilingState": true,
    "FlipAngle": 120,
    "PartialFourier": 1,
    "BaseResolution": 512,
    "ShimSetting": [
        5925,
        -1091,
        1245,
        390,
        66,
        -407,
        -43,
        -86
    ],
    "TxRefAmp": 254.802,
    "PhaseResolution": 1.02451,
    "ReceiveCoilName": "Head_32",
    "ReceiveCoilActiveElements": "HEA;HEP",
    "CoilString": "Head_32",
    "PulseSequenceDetails": "%SiemensSeq%\\tse",
    "CoilCombinationMethod": "Adaptive Combine",
    "MatrixCoilMode": "SENSE",
    "PercentPhaseFOV": 79.6875,
    "PercentSampling": 102.451,
    "PhaseEncodingSteps": 418,
    "FrequencyEncodingSteps": 512,
    "AcquisitionMatrixPE": 418,
    "ReconMatrixPE": 408,
    "PixelBandwidth": 96,
    "DwellTime": 1.02e-05,
    "PhaseEncodingDirection": "i",
    "SliceTiming": [
        0,
        3.3425,
        0.195,
        3.5375,
        0.3925,
        3.735,
        0.59,
        3.9325,
        0.785,
        4.1275,
        0.9825,
        4.325,
        1.1775,
        4.5225,
        1.375,
        4.7175,
        1.5725,
        4.915,
        1.7675,
        5.1125,
        1.965,
        5.3075,
        2.1625,
        5.505,
        2.3575,
        5.7025,
        2.555,
        5.8975,
        2.7525,
        6.095,
        2.9475,
        6.2925,
        3.145
    ],
    "ImageOrientationPatientDICOM": [
        0.99835,
        0.03112,
        0.0482597,
        0.032028,
        0.395785,
        -0.917784
    ],
    "InPlanePhaseEncodingDirectionDICOM": "ROW",
    "ConversionSoftware": "dcm2niix",
    "ConversionSoftwareVersion": "v1.0.20230411",
    "Dcm2bidsVersion": "2.1.6"
}