{
    "Modality": "MR",
    "MagneticFieldStrength": 3,
    "ImagingFrequency": 123.220753,
    "Manufacturer": "Siemens",
    "ManufacturersModelName": "MAGNETOM Prisma",
    "InstitutionName": "TTK AKK",
    "InstitutionAddress": "Magyar Tudosok Korutja 2,Budapest,,HU,1117",
    "DeviceSerialNumber": "66040",
    "StationName": "AWP66040",
    "BodyPartExamined": "HEAD",
    "PatientPosition": "HFS",
    "ProcedureStepDescription": "head Aktualis",
    "SoftwareVersions": "syngo MR XA30",
    "MRAcquisitionType": "2D",
    "SeriesDescription": "PD_tse_hippocampus",
    "ProtocolName": "PD_tse_hippocampus",
    "ScanningSequence": "SE",
    "SequenceVariant": "SK\\SP\\OSP",
    "ScanOptions": "FS",
    "PulseSequenceName": "*tse2d1rr11",
    "ImageType": [
        "ORIGINAL",
        "PRIMARY",
        "M",
        "NONE"
    ],
    "ImageTypeText": [
        "ORIGINAL",
        "PRIMARY",
        "M",
        "NORM",
        "DIS2D"
    ],
    "NonlinearGradientCorrection": true,
    "SeriesNumber": 21,
    "AcquisitionTime": "16:35:24.322500",
    "AcquisitionNumber": 1,
    "SliceThickness": 2,
    "SpacingBetweenSlices": 2,
    "EchoTime": 0.016,
    "RepetitionTime": 6.49,
    "MTState": false,
    "SpoilingState": true,
    "FlipAngle": 120,
    "PartialFourier": 1,
    "BaseResolution": 512,
    "ShimSetting": [
        5907,
        -1081,
        1219,
        605,
        9,
        -150,
        -111,
        -15
    ],
    "TxRefAmp": 252.587,
    "PhaseResolution": 1.02451,
    "ReceiveCoilName": "Head_32",
    "ReceiveCoilActiveElements": "HEA;HEP",
    "CoilString": "Head_32",
    "PulseSequenceDetails": "%SiemensSeq%\\tse",
    "CoilCombinationMethod": "Adaptive Combine",
    "MatrixCoilMode": "SENSE",
    "PercentPhaseFOV": 79.6875,
    "PercentSampling": 102.451,
    "PhaseEncodingSteps": 418,
    "FrequencyEncodingSteps": 512,
    "AcquisitionMatrixPE": 418,
    "ReconMatrixPE": 408,
    "PixelBandwidth": 96,
    "DwellTime": 1.02e-05,
    "PhaseEncodingDirection": "i",
    "SliceTiming": [
        0,
        3.3425,
        0.1975,
        3.54,
        0.3925,
        3.7375,
        0.59,
        3.9325,
        0.7875,
        4.13,
        0.9825,
        4.3275,
        1.18,
        4.5225,
        1.3775,
        4.72,
        1.5725,
        4.9175,
        1.77,
        5.1125,
        1.9675,
        5.31,
        2.1625,
        5.505,
        2.36,
        5.7025,
        2.5575,
        5.9,
        2.7525,
        6.095,
        2.95,
        6.2925,
        3.1475
    ],
    "ImageOrientationPatientDICOM": [
        0.998779,
        0.0233773,
        0.0435216,
        0.0229413,
        0.560736,
        -0.827677
    ],
    "InPlanePhaseEncodingDirectionDICOM": "ROW",
    "ConversionSoftware": "dcm2niix",
    "ConversionSoftwareVersion": "v1.0.20230411",
    "Dcm2bidsVersion": "2.1.6"
}