{
    "Modality": "MR",
    "MagneticFieldStrength": 3,
    "ImagingFrequency": 123.220681,
    "Manufacturer": "Siemens",
    "ManufacturersModelName": "MAGNETOM Prisma",
    "InstitutionName": "TTK AKK",
    "InstitutionAddress": "Magyar Tudosok Korutja 2,Budapest,,HU,1117",
    "DeviceSerialNumber": "66040",
    "StationName": "AWP66040",
    "BodyPartExamined": "HEAD",
    "PatientPosition": "HFS",
    "ProcedureStepDescription": "head Aktualis",
    "SoftwareVersions": "syngo MR XA30",
    "MRAcquisitionType": "2D",
    "SeriesDescription": "field_map_second",
    "ProtocolName": "field_map_second",
    "ScanningSequence": "GR",
    "SequenceVariant": "SP",
    "PulseSequenceName": "*fm2d2r",
    "ImageType": [
        "ORIGINAL",
        "PRIMARY",
        "M",
        "NONE"
    ],
    "ImageTypeText": [
        "ORIGINAL",
        "PRIMARY",
        "M",
        "NORM",
        "DIS2D"
    ],
    "NonlinearGradientCorrection": true,
    "SeriesNumber": 22,
    "AcquisitionTime": "19:39:50.152500",
    "AcquisitionNumber": 1,
    "SliceThickness": 3,
    "SpacingBetweenSlices": 3.75,
    "EchoNumber": 2,
    "EchoTime": 0.00738,
    "RepetitionTime": 0.435,
    "MTState": false,
    "FlipAngle": 60,
    "PartialFourier": 1,
    "BaseResolution": 70,
    "ShimSetting": [
        5909,
        -1109,
        1121,
        228,
        41,
        -106,
        -119,
        -35
    ],
    "TxRefAmp": 286.817,
    "PhaseResolution": 1,
    "ReceiveCoilName": "Head_32",
    "ReceiveCoilActiveElements": "HEA;HEP",
    "CoilString": "Head_32",
    "PulseSequenceDetails": "%SiemensSeq%\\gre_field_mapping",
    "CoilCombinationMethod": "Sum of Squares",
    "MatrixCoilMode": "SENSE",
    "PercentPhaseFOV": 100,
    "PercentSampling": 100,
    "PhaseEncodingSteps": 70,
    "FrequencyEncodingSteps": 70,
    "AcquisitionMatrixPE": 70,
    "ReconMatrixPE": 70,
    "PixelBandwidth": 290,
    "DwellTime": 2.46e-05,
    "PhaseEncodingDirection": "j-",
    "SliceTiming": [
        0,
        0.2225,
        0.01,
        0.2325,
        0.0225,
        0.245,
        0.0325,
        0.255,
        0.0425,
        0.265,
        0.0525,
        0.275,
        0.065,
        0.2875,
        0.075,
        0.2975,
        0.085,
        0.3075,
        0.095,
        0.3175,
        0.1075,
        0.33,
        0.1175,
        0.34,
        0.1275,
        0.35,
        0.1375,
        0.36,
        0.1475,
        0.3725,
        0.16,
        0.3825,
        0.17,
        0.3925,
        0.18,
        0.4025,
        0.19,
        0.4125,
        0.2025,
        0.425,
        0.2125
    ],
    "ImageOrientationPatientDICOM": [
        0.999211,
        0.0321834,
        -0.0232766,
        -0.0172669,
        0.879739,
        0.475143
    ],
    "InPlanePhaseEncodingDirectionDICOM": "COL",
    "ConversionSoftware": "dcm2niix",
    "ConversionSoftwareVersion": "v1.0.20230411",
    "Dcm2bidsVersion": "2.1.6",
    "IntendedFor": [
        "ses-02/func/sub-506297_ses-02_task-smst_acq-map_run-05_bold.nii.gz",
        "ses-02/func/sub-506297_ses-02_task-smst_acq-map_run-06_bold.nii.gz",
        "ses-02/func/sub-506297_ses-02_task-smst_acq-map_run-07_bold.nii.gz",
        "ses-02/func/sub-506297_ses-02_task-smst_acq-map_run-08_bold.nii.gz"
    ]
}