{
    "Modality": "MR",
    "MagneticFieldStrength": 3,
    "ImagingFrequency": 123.220707,
    "Manufacturer": "Siemens",
    "ManufacturersModelName": "MAGNETOM Prisma",
    "InstitutionName": "TTK AKK",
    "InstitutionAddress": "Magyar Tudosok Korutja 2,Budapest,,HU,1117",
    "DeviceSerialNumber": "66040",
    "StationName": "AWP66040",
    "BodyPartExamined": "HEAD",
    "PatientPosition": "HFS",
    "ProcedureStepDescription": "head Aktualis",
    "SoftwareVersions": "syngo MR XA30",
    "MRAcquisitionType": "2D",
    "SeriesDescription": "PD_tse_WB",
    "ProtocolName": "PD_tse_WB",
    "ScanningSequence": "SE",
    "SequenceVariant": "SK\\SP\\OSP",
    "ScanOptions": "FS",
    "PulseSequenceName": "*tse2d1rr12",
    "ImageType": [
        "ORIGINAL",
        "PRIMARY",
        "M",
        "NONE"
    ],
    "ImageTypeText": [
        "ORIGINAL",
        "PRIMARY",
        "M",
        "NORM",
        "DIS2D"
    ],
    "NonlinearGradientCorrection": true,
    "SeriesNumber": 19,
    "AcquisitionTime": "17:03:56.785000",
    "AcquisitionNumber": 1,
    "SliceThickness": 3,
    "SpacingBetweenSlices": 3,
    "EchoTime": 0.014,
    "RepetitionTime": 11.88,
    "MTState": false,
    "SpoilingState": true,
    "FlipAngle": 120,
    "PartialFourier": 1,
    "BaseResolution": 192,
    "ShimSetting": [
        5895,
        -1039,
        1143,
        468,
        83,
        -453,
        -146,
        9
    ],
    "TxRefAmp": 259.82,
    "PhaseResolution": 0.99,
    "ReceiveCoilName": "Head_32",
    "ReceiveCoilActiveElements": "HEA;HEP",
    "CoilString": "Head_32",
    "PulseSequenceDetails": "%SiemensSeq%\\tse",
    "CoilCombinationMethod": "Adaptive Combine",
    "MatrixCoilMode": "SENSE",
    "PercentPhaseFOV": 81.25,
    "PercentSampling": 99,
    "PhaseEncodingSteps": 154,
    "FrequencyEncodingSteps": 192,
    "AcquisitionMatrixPE": 156,
    "ReconMatrixPE": 156,
    "PixelBandwidth": 96,
    "DwellTime": 2.71e-05,
    "PhaseEncodingDirection": "i",
    "SliceTiming": [
        5.94,
        0,
        6.1325,
        0.1925,
        6.325,
        0.385,
        6.515,
        0.575,
        6.7075,
        0.7675,
        6.9,
        0.96,
        7.09,
        1.15,
        7.2825,
        1.3425,
        7.475,
        1.535,
        7.665,
        1.725,
        7.8575,
        1.9175,
        8.0475,
        2.1075,
        8.24,
        2.3,
        8.4325,
        2.4925,
        8.6225,
        2.6825,
        8.815,
        2.875,
        9.0075,
        3.0675,
        9.1975,
        3.2575,
        9.39,
        3.45,
        9.5825,
        3.6425,
        9.7725,
        3.8325,
        9.965,
        4.025,
        10.1575,
        4.2175,
        10.3475,
        4.4075,
        10.54,
        4.6,
        10.73,
        4.7925,
        10.9225,
        4.9825,
        11.115,
        5.175,
        11.305,
        5.365,
        11.4975,
        5.5575,
        11.69,
        5.75
    ],
    "ImageOrientationPatientDICOM": [
        0.998185,
        0.042937,
        -0.0422341,
        -0.0544666,
        0.344279,
        -0.937286
    ],
    "InPlanePhaseEncodingDirectionDICOM": "ROW",
    "ConversionSoftware": "dcm2niix",
    "ConversionSoftwareVersion": "v1.0.20230411",
    "Dcm2bidsVersion": "2.1.6"
}