{
    "Modality": "MR",
    "MagneticFieldStrength": 3,
    "ImagingFrequency": 123.220723,
    "Manufacturer": "Siemens",
    "ManufacturersModelName": "MAGNETOM Prisma",
    "InstitutionName": "TTK AKK",
    "InstitutionAddress": "Magyar Tudosok Korutja 2,Budapest,,HU,1117",
    "DeviceSerialNumber": "66040",
    "StationName": "AWP66040",
    "BodyPartExamined": "HEAD",
    "PatientPosition": "HFS",
    "ProcedureStepDescription": "head Aktualis",
    "SoftwareVersions": "syngo MR XA30",
    "MRAcquisitionType": "2D",
    "SeriesDescription": "field_map_second",
    "ProtocolName": "field_map_second",
    "ScanningSequence": "GR",
    "SequenceVariant": "SP",
    "PulseSequenceName": "*fm2d2r",
    "ImageType": [
        "ORIGINAL",
        "PRIMARY",
        "M",
        "NONE"
    ],
    "ImageTypeText": [
        "ORIGINAL",
        "PRIMARY",
        "M",
        "NORM",
        "DIS2D"
    ],
    "NonlinearGradientCorrection": true,
    "SeriesNumber": 17,
    "AcquisitionTime": "19:06:51.710000",
    "AcquisitionNumber": 1,
    "SliceThickness": 3,
    "SpacingBetweenSlices": 3.75,
    "EchoNumber": 2,
    "EchoTime": 0.00738,
    "RepetitionTime": 0.435,
    "MTState": false,
    "FlipAngle": 60,
    "PartialFourier": 1,
    "BaseResolution": 70,
    "ShimSetting": [
        5902,
        -1078,
        1112,
        354,
        11,
        -63,
        -89,
        -18
    ],
    "TxRefAmp": 260.742,
    "PhaseResolution": 1,
    "ReceiveCoilName": "Head_32",
    "ReceiveCoilActiveElements": "HEA;HEP",
    "CoilString": "Head_32",
    "PulseSequenceDetails": "%SiemensSeq%\\gre_field_mapping",
    "CoilCombinationMethod": "Sum of Squares",
    "MatrixCoilMode": "SENSE",
    "PercentPhaseFOV": 100,
    "PercentSampling": 100,
    "PhaseEncodingSteps": 70,
    "FrequencyEncodingSteps": 70,
    "AcquisitionMatrixPE": 70,
    "ReconMatrixPE": 70,
    "PixelBandwidth": 290,
    "DwellTime": 2.46e-05,
    "PhaseEncodingDirection": "j-",
    "SliceTiming": [
        0,
        0.2225,
        0.01,
        0.2325,
        0.02,
        0.2425,
        0.03,
        0.2525,
        0.0425,
        0.265,
        0.0525,
        0.275,
        0.0625,
        0.285,
        0.0725,
        0.295,
        0.0825,
        0.3075,
        0.095,
        0.3175,
        0.105,
        0.3275,
        0.115,
        0.3375,
        0.125,
        0.3475,
        0.1375,
        0.36,
        0.1475,
        0.37,
        0.1575,
        0.38,
        0.1675,
        0.39,
        0.18,
        0.4025,
        0.19,
        0.4125,
        0.2,
        0.4225,
        0.21
    ],
    "ImageOrientationPatientDICOM": [
        0.998876,
        0.0161785,
        0.0445497,
        -0.0313909,
        0.930055,
        0.366078
    ],
    "InPlanePhaseEncodingDirectionDICOM": "COL",
    "ConversionSoftware": "dcm2niix",
    "ConversionSoftwareVersion": "v1.0.20230411",
    "Dcm2bidsVersion": "2.1.6",
    "IntendedFor": [
        "ses-02/func/sub-468051_ses-02_task-smst_acq-map_run-05_bold.nii.gz",
        "ses-02/func/sub-468051_ses-02_task-smst_acq-map_run-06_bold.nii.gz",
        "ses-02/func/sub-468051_ses-02_task-smst_acq-map_run-07_bold.nii.gz",
        "ses-02/func/sub-468051_ses-02_task-smst_acq-map_run-08_bold.nii.gz"
    ]
}