{
    "Modality": "MR",
    "MagneticFieldStrength": 3,
    "ImagingFrequency": 123.220765,
    "Manufacturer": "Siemens",
    "ManufacturersModelName": "MAGNETOM Prisma",
    "InstitutionName": "TTK AKK",
    "InstitutionAddress": "Magyar Tudosok Korutja 2,Budapest,,HU,1117",
    "DeviceSerialNumber": "66040",
    "StationName": "AWP66040",
    "BodyPartExamined": "HEAD",
    "PatientPosition": "HFS",
    "ProcedureStepDescription": "head Aktualis",
    "SoftwareVersions": "syngo MR XA30",
    "MRAcquisitionType": "2D",
    "SeriesDescription": "REC_1",
    "ProtocolName": "REC_1",
    "ScanningSequence": "EP",
    "SequenceVariant": "SK",
    "ScanOptions": "PFP\\FS",
    "PulseSequenceName": "*epfid2d1_136",
    "ImageType": [
        "ORIGINAL",
        "PRIMARY",
        "FMRI",
        "NONE"
    ],
    "ImageTypeText": [
        "ORIGINAL",
        "PRIMARY",
        "M",
        "ND",
        "NORM"
    ],
    "NonlinearGradientCorrection": false,
    "SeriesNumber": 27,
    "AcquisitionTime": "17:01:17.785000",
    "AcquisitionNumber": 1,
    "SliceThickness": 1.5,
    "SpacingBetweenSlices": 1.875,
    "EchoTime": 0.032,
    "RepetitionTime": 1,
    "MTState": false,
    "FlipAngle": 55,
    "PartialFourier": 0.75,
    "BaseResolution": 136,
    "ShimSetting": [
        5882,
        -1035,
        1097,
        137,
        5,
        30,
        -63,
        41
    ],
    "TxRefAmp": 258.681,
    "PhaseResolution": 1,
    "ReceiveCoilName": "Head_32",
    "ReceiveCoilActiveElements": "HEA;HEP",
    "CoilString": "Head_32",
    "PulseSequenceDetails": "%SiemensSeq%\\ep2d_bold",
    "RefLinesPE": 25,
    "CoilCombinationMethod": "Sum of Squares",
    "MultibandAccelerationFactor": 6,
    "PercentPhaseFOV": 100,
    "PercentSampling": 100,
    "EchoTrainLength": 102,
    "PartialFourierDirection": "PHASE",
    "PhaseEncodingSteps": 136,
    "FrequencyEncodingSteps": 136,
    "AcquisitionMatrixPE": 136,
    "ReconMatrixPE": 136,
    "BandwidthPerPixelPhaseEncode": 10.656,
    "ParallelAcquisitionTechnique": "SMS",
    "EffectiveEchoSpacing": 0.000690028,
    "DerivedVendorReportedEchoSpacing": 0.000690028,
    "TotalReadoutTime": 0.0931538,
    "PixelBandwidth": 1838,
    "DwellTime": 2e-06,
    "PhaseEncodingDirection": "j-",
    "SliceTiming": [
        0.685,
        0,
        0.49,
        0.0975,
        0.5875,
        0.2925,
        0.7825,
        0.39,
        0.88,
        0.195,
        0.685,
        0,
        0.49,
        0.0975,
        0.5875,
        0.2925,
        0.7825,
        0.39,
        0.88,
        0.195,
        0.685,
        0,
        0.49,
        0.0975,
        0.5875,
        0.2925,
        0.7825,
        0.39,
        0.88,
        0.195,
        0.685,
        0,
        0.49,
        0.0975,
        0.5875,
        0.2925,
        0.7825,
        0.39,
        0.88,
        0.195,
        0.685,
        0,
        0.49,
        0.0975,
        0.5875,
        0.2925,
        0.7825,
        0.39,
        0.88,
        0.195,
        0.685,
        0,
        0.49,
        0.0975,
        0.5875,
        0.2925,
        0.7825,
        0.39,
        0.88,
        0.195
    ],
    "ImageOrientationPatientDICOM": [
        0.998086,
        0.0618085,
        0.00221002,
        -0.0591224,
        0.943001,
        0.327497
    ],
    "InPlanePhaseEncodingDirectionDICOM": "COL",
    "ConversionSoftware": "dcm2niix",
    "ConversionSoftwareVersion": "v1.0.20230411",
    "Dcm2bidsVersion": "2.1.6",
    "TaskName": "smst_rec"
}