{
    "Modality": "MR",
    "MagneticFieldStrength": 3,
    "ImagingFrequency": 123.220702,
    "Manufacturer": "Siemens",
    "ManufacturersModelName": "MAGNETOM Prisma",
    "InstitutionName": "TTK AKK",
    "InstitutionAddress": "Magyar Tudosok Korutja 2,Budapest,,HU,1117",
    "DeviceSerialNumber": "66040",
    "StationName": "AWP66040",
    "BodyPartExamined": "HEAD",
    "PatientPosition": "HFS",
    "ProcedureStepDescription": "head Aktualis",
    "SoftwareVersions": "syngo MR XA30",
    "MRAcquisitionType": "2D",
    "SeriesDescription": "field_map_second",
    "ProtocolName": "field_map_second",
    "ScanningSequence": "GR",
    "SequenceVariant": "SP",
    "PulseSequenceName": "*fm2d2r",
    "ImageType": [
        "ORIGINAL",
        "PRIMARY",
        "P",
        "NONE",
        "PHASE"
    ],
    "ImageTypeText": [
        "ORIGINAL",
        "PRIMARY",
        "P",
        "DIS2D"
    ],
    "NonlinearGradientCorrection": true,
    "SeriesNumber": 18,
    "AcquisitionTime": "09:22:41.367500",
    "AcquisitionNumber": 1,
    "SliceThickness": 3,
    "SpacingBetweenSlices": 3.75,
    "EchoNumber": 2,
    "EchoTime": 0.00738,
    "RepetitionTime": 0.435,
    "MTState": false,
    "FlipAngle": 60,
    "EchoTime1": 0.00492,
    "EchoTime2": 0.00738,
    "PartialFourier": 1,
    "BaseResolution": 70,
    "ShimSetting": [
        5877,
        -1088,
        1100,
        232,
        45,
        -198,
        -4,
        1
    ],
    "TxRefAmp": 300.999,
    "PhaseResolution": 1,
    "ReceiveCoilName": "Head_32",
    "ReceiveCoilActiveElements": "HEA;HEP",
    "CoilString": "Head_32",
    "PulseSequenceDetails": "%SiemensSeq%\\gre_field_mapping",
    "CoilCombinationMethod": "Sum of Squares",
    "MatrixCoilMode": "SENSE",
    "PercentPhaseFOV": 100,
    "PercentSampling": 100,
    "PhaseEncodingSteps": 70,
    "FrequencyEncodingSteps": 70,
    "AcquisitionMatrixPE": 70,
    "ReconMatrixPE": 70,
    "PixelBandwidth": 290,
    "DwellTime": 2.46e-05,
    "PhaseEncodingDirection": "j-",
    "SliceTiming": [
        0,
        0.2225,
        0.01,
        0.2325,
        0.02,
        0.2425,
        0.0325,
        0.255,
        0.0425,
        0.265,
        0.0525,
        0.275,
        0.0625,
        0.285,
        0.075,
        0.2975,
        0.085,
        0.3075,
        0.095,
        0.3175,
        0.105,
        0.3275,
        0.1175,
        0.34,
        0.1275,
        0.35,
        0.1375,
        0.36,
        0.1475,
        0.37,
        0.16,
        0.3825,
        0.17,
        0.3925,
        0.18,
        0.4025,
        0.19,
        0.4125,
        0.2,
        0.425,
        0.2125
    ],
    "ImageOrientationPatientDICOM": [
        0.998865,
        0.0414407,
        0.0234849,
        -0.0476294,
        0.863172,
        0.502659
    ],
    "InPlanePhaseEncodingDirectionDICOM": "COL",
    "ConversionSoftware": "dcm2niix",
    "ConversionSoftwareVersion": "v1.0.20230411",
    "Dcm2bidsVersion": "2.1.6",
    "IntendedFor": [
        "ses-02/func/sub-030989_ses-02_task-smst_acq-map_run-05_bold.nii.gz",
        "ses-02/func/sub-030989_ses-02_task-smst_acq-map_run-06_bold.nii.gz",
        "ses-02/func/sub-030989_ses-02_task-smst_acq-map_run-07_bold.nii.gz",
        "ses-02/func/sub-030989_ses-02_task-smst_acq-map_run-08_bold.nii.gz"
    ]
}