{
    "Modality": "MR",
    "MagneticFieldStrength": 3,
    "ImagingFrequency": 123.220725,
    "Manufacturer": "Siemens",
    "ManufacturersModelName": "MAGNETOM Prisma",
    "InstitutionName": "TTK AKK",
    "InstitutionAddress": "Magyar Tudosok Korutja 2,Budapest,,HU,1117",
    "DeviceSerialNumber": "66040",
    "StationName": "AWP66040",
    "BodyPartExamined": "HEAD",
    "PatientPosition": "HFS",
    "ProcedureStepDescription": "head Aktualis",
    "SoftwareVersions": "syngo MR XA30",
    "MRAcquisitionType": "2D",
    "SeriesDescription": "REC_2",
    "ProtocolName": "REC_2",
    "ScanningSequence": "EP",
    "SequenceVariant": "SK",
    "ScanOptions": "PFP\\FS",
    "PulseSequenceName": "*epfid2d1_136",
    "ImageType": [
        "ORIGINAL",
        "PRIMARY",
        "FMRI",
        "NONE"
    ],
    "ImageTypeText": [
        "ORIGINAL",
        "PRIMARY",
        "M",
        "ND",
        "NORM"
    ],
    "NonlinearGradientCorrection": false,
    "SeriesNumber": 24,
    "AcquisitionTime": "16:48:32.000000",
    "AcquisitionNumber": 1,
    "SliceThickness": 1.5,
    "SpacingBetweenSlices": 1.875,
    "EchoTime": 0.032,
    "RepetitionTime": 1,
    "MTState": false,
    "FlipAngle": 55,
    "PartialFourier": 0.75,
    "BaseResolution": 136,
    "ShimSetting": [
        5893,
        -1059,
        1095,
        280,
        -2,
        -82,
        -39,
        8
    ],
    "TxRefAmp": 257.711,
    "PhaseResolution": 1,
    "ReceiveCoilName": "Head_32",
    "ReceiveCoilActiveElements": "HEA;HEP",
    "CoilString": "Head_32",
    "PulseSequenceDetails": "%SiemensSeq%\\ep2d_bold",
    "RefLinesPE": 25,
    "CoilCombinationMethod": "Sum of Squares",
    "MultibandAccelerationFactor": 6,
    "PercentPhaseFOV": 100,
    "PercentSampling": 100,
    "EchoTrainLength": 102,
    "PartialFourierDirection": "PHASE",
    "PhaseEncodingSteps": 136,
    "FrequencyEncodingSteps": 136,
    "AcquisitionMatrixPE": 136,
    "ReconMatrixPE": 136,
    "BandwidthPerPixelPhaseEncode": 10.656,
    "ParallelAcquisitionTechnique": "SMS",
    "EffectiveEchoSpacing": 0.000690028,
    "DerivedVendorReportedEchoSpacing": 0.000690028,
    "TotalReadoutTime": 0.0931538,
    "PixelBandwidth": 1838,
    "DwellTime": 2e-06,
    "PhaseEncodingDirection": "j-",
    "SliceTiming": [
        0.6875,
        0,
        0.49,
        0.1,
        0.59,
        0.295,
        0.785,
        0.3925,
        0.8825,
        0.1975,
        0.6875,
        0,
        0.49,
        0.1,
        0.59,
        0.295,
        0.785,
        0.3925,
        0.8825,
        0.1975,
        0.6875,
        0,
        0.49,
        0.1,
        0.59,
        0.295,
        0.785,
        0.3925,
        0.8825,
        0.1975,
        0.6875,
        0,
        0.49,
        0.1,
        0.59,
        0.295,
        0.785,
        0.3925,
        0.8825,
        0.1975,
        0.6875,
        0,
        0.49,
        0.1,
        0.59,
        0.295,
        0.785,
        0.3925,
        0.8825,
        0.1975,
        0.6875,
        0,
        0.49,
        0.1,
        0.59,
        0.295,
        0.785,
        0.3925,
        0.8825,
        0.1975
    ],
    "ImageOrientationPatientDICOM": [
        0.998125,
        0.0158145,
        0.0591232,
        -0.0407869,
        0.892127,
        0.44994
    ],
    "InPlanePhaseEncodingDirectionDICOM": "COL",
    "ConversionSoftware": "dcm2niix",
    "ConversionSoftwareVersion": "v1.0.20230411",
    "Dcm2bidsVersion": "2.1.6",
    "TaskName": "smst_rec"
}