{
    "Modality": "MR",
    "MagneticFieldStrength": 3,
    "ImagingFrequency": 123.220719,
    "Manufacturer": "Siemens",
    "ManufacturersModelName": "MAGNETOM Prisma",
    "InstitutionName": "TTK AKK",
    "InstitutionAddress": "Magyar Tudosok Korutja 2,Budapest,,HU,1117",
    "DeviceSerialNumber": "66040",
    "StationName": "AWP66040",
    "BodyPartExamined": "HEAD",
    "PatientPosition": "HFS",
    "ProcedureStepDescription": "head Aktualis",
    "SoftwareVersions": "syngo MR XA30",
    "MRAcquisitionType": "2D",
    "SeriesDescription": "field_map_enc_ap",
    "ProtocolName": "field_map_enc_ap",
    "ScanningSequence": "EP",
    "SequenceVariant": "SK",
    "ScanOptions": "PFP\\FS",
    "PulseSequenceName": "*epfid2d1_136",
    "ImageType": [
        "ORIGINAL",
        "PRIMARY",
        "FMRI",
        "NONE"
    ],
    "ImageTypeText": [
        "ORIGINAL",
        "PRIMARY",
        "M",
        "ND",
        "NORM"
    ],
    "NonlinearGradientCorrection": false,
    "SeriesNumber": 8,
    "AcquisitionTime": "15:27:37.917500",
    "AcquisitionNumber": 1,
    "SliceThickness": 1.5,
    "SpacingBetweenSlices": 1.875,
    "EchoTime": 0.066,
    "RepetitionTime": 8,
    "MTState": false,
    "FlipAngle": 55,
    "PartialFourier": 0.75,
    "BaseResolution": 136,
    "ShimSetting": [
        5901,
        -1044,
        1101,
        254,
        9,
        -52,
        -43,
        17
    ],
    "TxRefAmp": 256.193,
    "PhaseResolution": 1,
    "ReceiveCoilName": "Head_32",
    "ReceiveCoilActiveElements": "HEA;HEP",
    "CoilString": "Head_32",
    "PulseSequenceDetails": "%SiemensSeq%\\ep2d_bold",
    "RefLinesPE": 25,
    "CoilCombinationMethod": "Sum of Squares",
    "MultibandAccelerationFactor": 6,
    "PercentPhaseFOV": 100,
    "PercentSampling": 100,
    "EchoTrainLength": 102,
    "PartialFourierDirection": "PHASE",
    "PhaseEncodingSteps": 136,
    "FrequencyEncodingSteps": 136,
    "AcquisitionMatrixPE": 136,
    "ReconMatrixPE": 136,
    "BandwidthPerPixelPhaseEncode": 10.656,
    "ParallelAcquisitionTechnique": "SMS",
    "EffectiveEchoSpacing": 0.000690028,
    "DerivedVendorReportedEchoSpacing": 0.000690028,
    "TotalReadoutTime": 0.0931538,
    "PixelBandwidth": 1838,
    "DwellTime": 2e-06,
    "PhaseEncodingDirection": "j-",
    "SliceTiming": [
        5.585,
        0,
        3.99,
        0.7975,
        4.7875,
        2.3925,
        6.3825,
        3.1925,
        7.1825,
        1.595,
        5.585,
        0,
        3.99,
        0.7975,
        4.7875,
        2.3925,
        6.3825,
        3.1925,
        7.1825,
        1.595,
        5.585,
        0,
        3.99,
        0.7975,
        4.7875,
        2.3925,
        6.3825,
        3.1925,
        7.1825,
        1.595,
        5.585,
        0,
        3.99,
        0.7975,
        4.7875,
        2.3925,
        6.3825,
        3.1925,
        7.1825,
        1.595,
        5.585,
        0,
        3.99,
        0.7975,
        4.7875,
        2.3925,
        6.3825,
        3.1925,
        7.1825,
        1.595,
        5.585,
        0,
        3.99,
        0.7975,
        4.7875,
        2.3925,
        6.3825,
        3.1925,
        7.1825,
        1.595
    ],
    "ImageOrientationPatientDICOM": [
        0.997104,
        0.00272285,
        0.0759986,
        -0.0341227,
        0.909127,
        0.415119
    ],
    "InPlanePhaseEncodingDirectionDICOM": "COL",
    "ConversionSoftware": "dcm2niix",
    "ConversionSoftwareVersion": "v1.0.20230411",
    "Dcm2bidsVersion": "2.1.6",
    "IntendedFor": [
        "ses-01/func/sub-499854_ses-01_task-smst_acq-enc_run-01_bold.nii.gz",
        "ses-01/func/sub-499854_ses-01_task-smst_acq-enc_run-02_bold.nii.gz",
        "ses-01/func/sub-499854_ses-01_task-smst_acq-enc_run-03_bold.nii.gz"
    ]
}