{
    "Modality": "MR",
    "MagneticFieldStrength": 3,
    "ImagingFrequency": 123.220752,
    "Manufacturer": "Siemens",
    "ManufacturersModelName": "MAGNETOM Prisma",
    "InstitutionName": "TTK AKK",
    "InstitutionAddress": "Magyar Tudosok Korutja 2,Budapest,,HU,1117",
    "DeviceSerialNumber": "66040",
    "StationName": "AWP66040",
    "BodyPartExamined": "HEAD",
    "PatientPosition": "HFS",
    "ProcedureStepDescription": "head Aktualis",
    "SoftwareVersions": "syngo MR XA30",
    "MRAcquisitionType": "2D",
    "SeriesDescription": "MAP_7",
    "ProtocolName": "MAP_7",
    "ScanningSequence": "EP",
    "SequenceVariant": "SK",
    "ScanOptions": "PFP\\FS",
    "PulseSequenceName": "*epfid2d1_104",
    "ImageType": [
        "ORIGINAL",
        "PRIMARY",
        "FMRI",
        "NONE"
    ],
    "ImageTypeText": [
        "ORIGINAL",
        "PRIMARY",
        "M",
        "ND",
        "NORM"
    ],
    "NonlinearGradientCorrection": false,
    "SeriesNumber": 35,
    "AcquisitionTime": "17:14:26.950000",
    "AcquisitionNumber": 1,
    "SliceThickness": 2,
    "SpacingBetweenSlices": 2.5,
    "EchoTime": 0.032,
    "RepetitionTime": 1.15,
    "MTState": false,
    "FlipAngle": 55,
    "PartialFourier": 0.875,
    "BaseResolution": 104,
    "ShimSetting": [
        5910,
        -1041,
        1093,
        283,
        30,
        -89,
        -61,
        2
    ],
    "TxRefAmp": 261.062,
    "PhaseResolution": 1,
    "ReceiveCoilName": "Head_32",
    "ReceiveCoilActiveElements": "HEA;HEP",
    "CoilString": "Head_32",
    "PulseSequenceDetails": "%SiemensSeq%\\ep2d_bold",
    "RefLinesPE": 25,
    "CoilCombinationMethod": "Sum of Squares",
    "MultibandAccelerationFactor": 4,
    "PercentPhaseFOV": 100,
    "PercentSampling": 100,
    "EchoTrainLength": 91,
    "PartialFourierDirection": "PHASE",
    "PhaseEncodingSteps": 104,
    "FrequencyEncodingSteps": 104,
    "AcquisitionMatrixPE": 104,
    "ReconMatrixPE": 104,
    "BandwidthPerPixelPhaseEncode": 14.793,
    "ParallelAcquisitionTechnique": "SMS",
    "EffectiveEchoSpacing": 0.000649996,
    "DerivedVendorReportedEchoSpacing": 0.000649996,
    "TotalReadoutTime": 0.0669495,
    "PixelBandwidth": 1849,
    "DwellTime": 2.6e-06,
    "PhaseEncodingDirection": "j-",
    "SliceTiming": [
        0.8075,
        0,
        0.565,
        0.0825,
        0.6475,
        0.1625,
        0.7275,
        0.3225,
        0.8875,
        0.405,
        0.97,
        0.485,
        1.05,
        0.2425,
        0.8075,
        0,
        0.565,
        0.0825,
        0.6475,
        0.1625,
        0.7275,
        0.3225,
        0.8875,
        0.405,
        0.97,
        0.485,
        1.05,
        0.2425,
        0.8075,
        0,
        0.565,
        0.0825,
        0.6475,
        0.1625,
        0.7275,
        0.3225,
        0.8875,
        0.405,
        0.97,
        0.485,
        1.05,
        0.2425,
        0.8075,
        0,
        0.565,
        0.0825,
        0.6475,
        0.1625,
        0.7275,
        0.3225,
        0.8875,
        0.405,
        0.97,
        0.485,
        1.05,
        0.2425
    ],
    "ImageOrientationPatientDICOM": [
        0.997062,
        0.0156552,
        0.0749847,
        -0.0400462,
        0.941,
        0.336028
    ],
    "InPlanePhaseEncodingDirectionDICOM": "COL",
    "ConversionSoftware": "dcm2niix",
    "ConversionSoftwareVersion": "v1.0.20230411",
    "Dcm2bidsVersion": "2.1.6",
    "TaskName": "smst_map"
}