{
    "Modality": "MR",
    "MagneticFieldStrength": 3,
    "ImagingFrequency": 123.220737,
    "Manufacturer": "Siemens",
    "ManufacturersModelName": "MAGNETOM Prisma",
    "InstitutionName": "MTA TTK",
    "InstitutionAddress": "Magyar Tudosok Korutja 2,Budapest,,HU,1117",
    "DeviceSerialNumber": "66040",
    "StationName": "AWP66040",
    "BodyPartExamined": "HEAD",
    "PatientPosition": "HFS",
    "ProcedureStepDescription": "head Aktualis",
    "SoftwareVersions": "syngo MR XA30",
    "MRAcquisitionType": "2D",
    "SeriesDescription": "field_map_enc_pa",
    "ProtocolName": "field_map_enc_pa",
    "ScanningSequence": "EP",
    "SequenceVariant": "SK",
    "ScanOptions": "PFP\\FS",
    "PulseSequenceName": "*epfid2d1_136",
    "ImageType": [
        "ORIGINAL",
        "PRIMARY",
        "FMRI",
        "NONE"
    ],
    "ImageTypeText": [
        "ORIGINAL",
        "PRIMARY",
        "M",
        "ND",
        "NORM"
    ],
    "NonlinearGradientCorrection": false,
    "SeriesNumber": 9,
    "AcquisitionTime": "11:05:15.272500",
    "AcquisitionNumber": 1,
    "SliceThickness": 1.5,
    "SpacingBetweenSlices": 1.875,
    "EchoTime": 0.066,
    "RepetitionTime": 8,
    "MTState": false,
    "FlipAngle": 55,
    "PartialFourier": 0.75,
    "BaseResolution": 136,
    "ShimSetting": [
        5899,
        -1018,
        1084,
        254,
        110,
        -3,
        -62,
        -34
    ],
    "TxRefAmp": 262.4,
    "PhaseResolution": 1,
    "ReceiveCoilName": "Head_32",
    "ReceiveCoilActiveElements": "HEA;HEP",
    "CoilString": "Head_32",
    "PulseSequenceDetails": "%SiemensSeq%\\ep2d_bold",
    "RefLinesPE": 25,
    "CoilCombinationMethod": "Sum of Squares",
    "MultibandAccelerationFactor": 6,
    "PercentPhaseFOV": 100,
    "PercentSampling": 100,
    "EchoTrainLength": 102,
    "PartialFourierDirection": "PHASE",
    "PhaseEncodingSteps": 136,
    "FrequencyEncodingSteps": 136,
    "AcquisitionMatrixPE": 136,
    "ReconMatrixPE": 136,
    "BandwidthPerPixelPhaseEncode": 10.656,
    "ParallelAcquisitionTechnique": "SMS",
    "EffectiveEchoSpacing": 0.000690028,
    "DerivedVendorReportedEchoSpacing": 0.000690028,
    "TotalReadoutTime": 0.0931538,
    "PixelBandwidth": 1838,
    "DwellTime": 2e-06,
    "PhaseEncodingDirection": "j",
    "SliceTiming": [
        5.5875,
        0,
        3.99,
        0.8,
        4.79,
        2.395,
        6.385,
        3.1925,
        7.1825,
        1.5975,
        5.5875,
        0,
        3.99,
        0.8,
        4.79,
        2.395,
        6.385,
        3.1925,
        7.1825,
        1.5975,
        5.5875,
        0,
        3.99,
        0.8,
        4.79,
        2.395,
        6.385,
        3.1925,
        7.1825,
        1.5975,
        5.5875,
        0,
        3.99,
        0.8,
        4.79,
        2.395,
        6.385,
        3.1925,
        7.1825,
        1.5975,
        5.5875,
        0,
        3.99,
        0.8,
        4.79,
        2.395,
        6.385,
        3.1925,
        7.1825,
        1.5975,
        5.5875,
        0,
        3.99,
        0.8,
        4.79,
        2.395,
        6.385,
        3.1925,
        7.1825,
        1.5975
    ],
    "ImageOrientationPatientDICOM": [
        0.997538,
        0.0533221,
        0.045559,
        -0.0655569,
        0.939747,
        0.335525
    ],
    "InPlanePhaseEncodingDirectionDICOM": "COL",
    "ConversionSoftware": "dcm2niix",
    "ConversionSoftwareVersion": "v1.0.20230411",
    "Dcm2bidsVersion": "2.1.6",
    "IntendedFor": [
        "ses-01/func/sub-995905_ses-01_task-smst_acq-enc_run-01_bold.nii.gz",
        "ses-01/func/sub-995905_ses-01_task-smst_acq-enc_run-02_bold.nii.gz",
        "ses-01/func/sub-995905_ses-01_task-smst_acq-enc_run-03_bold.nii.gz"
    ]
}