{
    "Modality": "MR",
    "MagneticFieldStrength": 3,
    "ImagingFrequency": 123.220717,
    "Manufacturer": "Siemens",
    "ManufacturersModelName": "MAGNETOM Prisma",
    "InstitutionName": "TTK AKK",
    "InstitutionAddress": "Magyar Tudosok Korutja 2,Budapest,,HU,1117",
    "DeviceSerialNumber": "66040",
    "StationName": "AWP66040",
    "BodyPartExamined": "HEAD",
    "PatientPosition": "HFS",
    "ProcedureStepDescription": "head Aktualis",
    "SoftwareVersions": "syngo MR XA30",
    "MRAcquisitionType": "3D",
    "SeriesDescription": "MPRAGE_gaser",
    "ProtocolName": "MPRAGE_gaser",
    "PulseSequenceName": "*tfl3d1_16ns",
    "ImageType": [
        "ORIGINAL",
        "PRIMARY",
        "M",
        "NONE"
    ],
    "SeriesNumber": 5,
    "AcquisitionTime": "15:25:43.952500",
    "AcquisitionNumber": 1,
    "SliceThickness": 1,
    "EchoTime": 0.00303,
    "RepetitionTime": 2.3,
    "MTState": false,
    "InversionTime": 0.9,
    "FlipAngle": 9,
    "CoilString": "Head_32",
    "PercentPhaseFOV": 100,
    "PercentSampling": 100,
    "PhaseEncodingSteps": 256,
    "FrequencyEncodingSteps": 256,
    "PhaseEncodingStepsOutOfPlane": 192,
    "ReconMatrixPE": 256,
    "ParallelReductionFactorInPlane": 2,
    "ParallelAcquisitionTechnique": "GRAPPA",
    "PixelBandwidth": 130,
    "ImageOrientationPatientDICOM": [
        -0.00696792,
        0.999778,
        0.019876,
        0.044011,
        0.0201639,
        -0.998828
    ],
    "InPlanePhaseEncodingDirectionDICOM": "ROW",
    "ConversionSoftware": "dcm2niix",
    "ConversionSoftwareVersion": "v1.0.20230411",
    "Dcm2bidsVersion": "2.1.6"
}