{
    "Modality": "MR",
    "MagneticFieldStrength": 3,
    "ImagingFrequency": 123.220741,
    "Manufacturer": "Siemens",
    "ManufacturersModelName": "MAGNETOM Prisma",
    "InstitutionName": "TTK AKK",
    "InstitutionAddress": "Magyar Tudosok Korutja 2,Budapest,,HU,1117",
    "DeviceSerialNumber": "66040",
    "StationName": "AWP66040",
    "BodyPartExamined": "HEAD",
    "PatientPosition": "HFS",
    "ProcedureStepDescription": "head Aktualis",
    "SoftwareVersions": "syngo MR XA30",
    "MRAcquisitionType": "2D",
    "SeriesDescription": "PD_tse_hippocampus",
    "ProtocolName": "PD_tse_hippocampus",
    "ScanningSequence": "SE",
    "SequenceVariant": "SK\\SP\\OSP",
    "ScanOptions": "FS",
    "PulseSequenceName": "*tse2d1rr11",
    "ImageType": [
        "ORIGINAL",
        "PRIMARY",
        "M",
        "NONE"
    ],
    "ImageTypeText": [
        "ORIGINAL",
        "PRIMARY",
        "M",
        "NORM",
        "DIS2D"
    ],
    "NonlinearGradientCorrection": true,
    "SeriesNumber": 17,
    "AcquisitionTime": "18:11:56.330000",
    "AcquisitionNumber": 1,
    "SliceThickness": 2,
    "SpacingBetweenSlices": 2,
    "EchoTime": 0.016,
    "RepetitionTime": 6.49,
    "MTState": false,
    "SpoilingState": true,
    "FlipAngle": 120,
    "PartialFourier": 1,
    "BaseResolution": 512,
    "ShimSetting": [
        5891,
        -1042,
        1232,
        609,
        76,
        -94,
        33,
        -4
    ],
    "TxRefAmp": 276.752,
    "PhaseResolution": 1.02451,
    "ReceiveCoilName": "Head_32",
    "ReceiveCoilActiveElements": "HEA;HEP",
    "CoilString": "Head_32",
    "PulseSequenceDetails": "%SiemensSeq%\\tse",
    "CoilCombinationMethod": "Adaptive Combine",
    "MatrixCoilMode": "SENSE",
    "PercentPhaseFOV": 79.6875,
    "PercentSampling": 102.451,
    "PhaseEncodingSteps": 418,
    "FrequencyEncodingSteps": 512,
    "AcquisitionMatrixPE": 418,
    "ReconMatrixPE": 408,
    "PixelBandwidth": 96,
    "DwellTime": 1.02e-05,
    "PhaseEncodingDirection": "i",
    "SliceTiming": [
        0,
        3.345,
        0.1975,
        3.54,
        0.395,
        3.7375,
        0.59,
        3.935,
        0.7875,
        4.13,
        0.985,
        4.3275,
        1.18,
        4.525,
        1.3775,
        4.72,
        1.575,
        4.9175,
        1.77,
        5.115,
        1.9675,
        5.31,
        2.165,
        5.5075,
        2.36,
        5.705,
        2.5575,
        5.9,
        2.755,
        6.0975,
        2.95,
        6.295,
        3.1475
    ],
    "ImageOrientationPatientDICOM": [
        0.998795,
        0.0362081,
        0.0331159,
        0.0139212,
        0.438062,
        -0.898837
    ],
    "InPlanePhaseEncodingDirectionDICOM": "ROW",
    "ConversionSoftware": "dcm2niix",
    "ConversionSoftwareVersion": "v1.0.20230411",
    "Dcm2bidsVersion": "2.1.6"
}