{
    "Modality": "MR",
    "MagneticFieldStrength": 3,
    "ImagingFrequency": 123.220702,
    "Manufacturer": "Siemens",
    "ManufacturersModelName": "MAGNETOM Prisma",
    "InstitutionName": "TTK AKK",
    "InstitutionAddress": "Magyar Tudosok Korutja 2,Budapest,,HU,1117",
    "DeviceSerialNumber": "66040",
    "StationName": "AWP66040",
    "BodyPartExamined": "HEAD",
    "PatientPosition": "HFS",
    "ProcedureStepDescription": "head Aktualis",
    "SoftwareVersions": "syngo MR XA30",
    "MRAcquisitionType": "2D",
    "SeriesDescription": "field_map_1",
    "ProtocolName": "field_map_1",
    "ScanningSequence": "GR",
    "SequenceVariant": "SP",
    "PulseSequenceName": "*fm2d2r",
    "ImageType": [
        "ORIGINAL",
        "PRIMARY",
        "M",
        "NONE"
    ],
    "ImageTypeText": [
        "ORIGINAL",
        "PRIMARY",
        "M",
        "NORM",
        "DIS2D"
    ],
    "NonlinearGradientCorrection": true,
    "SeriesNumber": 6,
    "AcquisitionTime": "08:15:4.970000",
    "AcquisitionNumber": 1,
    "SliceThickness": 3,
    "SpacingBetweenSlices": 3.75,
    "EchoNumber": 2,
    "EchoTime": 0.00738,
    "RepetitionTime": 0.435,
    "MTState": false,
    "FlipAngle": 60,
    "PartialFourier": 1,
    "BaseResolution": 70,
    "ShimSetting": [
        5894,
        -1033,
        1179,
        388,
        62,
        -184,
        -102,
        -48
    ],
    "TxRefAmp": 284.664,
    "PhaseResolution": 1,
    "ReceiveCoilName": "Head_32",
    "ReceiveCoilActiveElements": "HEA;HEP",
    "CoilString": "Head_32",
    "PulseSequenceDetails": "%SiemensSeq%\\gre_field_mapping",
    "CoilCombinationMethod": "Sum of Squares",
    "MatrixCoilMode": "SENSE",
    "PercentPhaseFOV": 100,
    "PercentSampling": 100,
    "PhaseEncodingSteps": 70,
    "FrequencyEncodingSteps": 70,
    "AcquisitionMatrixPE": 70,
    "ReconMatrixPE": 70,
    "AcquisitionDuration": 60.455,
    "PixelBandwidth": 290,
    "DwellTime": 2.46e-05,
    "PhaseEncodingDirection": "j-",
    "SliceTiming": [
        0,
        0.2225,
        0.0125,
        0.235,
        0.0225,
        0.245,
        0.0325,
        0.255,
        0.0425,
        0.265,
        0.055,
        0.2775,
        0.065,
        0.2875,
        0.075,
        0.2975,
        0.085,
        0.3075,
        0.095,
        0.32,
        0.1075,
        0.33,
        0.1175,
        0.34,
        0.1275,
        0.35,
        0.1375,
        0.36,
        0.15,
        0.3725,
        0.16,
        0.3825,
        0.17,
        0.3925,
        0.18,
        0.4025,
        0.1925,
        0.415,
        0.2025,
        0.425,
        0.2125
    ],
    "ImageOrientationPatientDICOM": [
        0.999915,
        -0.0028097,
        0.0127377,
        -0.00244327,
        0.918897,
        0.39449
    ],
    "InPlanePhaseEncodingDirectionDICOM": "COL",
    "ConversionSoftware": "dcm2niix",
    "ConversionSoftwareVersion": "v1.0.20230411",
    "Dcm2bidsVersion": "2.1.6",
    "IntendedFor": [
        "ses-01/func/sub-012421_ses-01_task-smst_acq-enc_run-01_bold.nii.gz",
        "ses-01/func/sub-012421_ses-01_task-smst_acq-enc_run-02_bold.nii.gz",
        "ses-01/func/sub-012421_ses-01_task-smst_acq-enc_run-03_bold.nii.gz"
    ]
}