{
    "Modality": "MR",
    "MagneticFieldStrength": 3,
    "ImagingFrequency": 123.220723,
    "Manufacturer": "Siemens",
    "ManufacturersModelName": "MAGNETOM Prisma",
    "InstitutionName": "TTK AKK",
    "InstitutionAddress": "Magyar Tudosok Korutja 2,Budapest,,HU,1117",
    "DeviceSerialNumber": "66040",
    "StationName": "AWP66040",
    "BodyPartExamined": "HEAD",
    "PatientPosition": "HFS",
    "ProcedureStepDescription": "head Aktualis",
    "SoftwareVersions": "syngo MR XA30",
    "MRAcquisitionType": "2D",
    "SeriesDescription": "field_map_map_pa",
    "ProtocolName": "field_map_map_pa",
    "PulseSequenceName": "*epfid2d1_104",
    "ImageType": [
        "ORIGINAL",
        "PRIMARY",
        "FMRI",
        "NONE"
    ],
    "SeriesNumber": 8,
    "AcquisitionTime": "17:03:3.490000",
    "AcquisitionNumber": 1,
    "SliceThickness": 2,
    "SpacingBetweenSlices": 2.5,
    "EchoTime": 0.066,
    "RepetitionTime": 8,
    "MTState": false,
    "FlipAngle": 55,
    "CoilString": "Head_32",
    "PartialFourier": 0.875,
    "PercentPhaseFOV": 100,
    "PercentSampling": 100,
    "EchoTrainLength": 91,
    "PartialFourierDirection": "PHASE",
    "PhaseEncodingSteps": 104,
    "FrequencyEncodingSteps": 104,
    "ReconMatrixPE": 104,
    "ParallelAcquisitionTechnique": "SMS",
    "TotalReadoutTime": 0.0669495,
    "PixelBandwidth": 1849,
    "PhaseEncodingAxis": "j",
    "PhaseEncodingDirection": "j",
    "ImageOrientationPatientDICOM": [
        0.998904,
        -0.00379998,
        0.0466545,
        -0.0163896,
        0.905213,
        0.424642
    ],
    "InPlanePhaseEncodingDirectionDICOM": "COL",
    "ConversionSoftware": "dcm2niix",
    "ConversionSoftwareVersion": "v1.0.20230411",
    "Dcm2bidsVersion": "2.1.6",
    "IntendedFor": [
        "ses-02/func/sub-800472_ses-02_task-smst_acq-map_run-01_bold.nii.gz",
        "ses-02/func/sub-800472_ses-02_task-smst_acq-map_run-02_bold.nii.gz",
        "ses-02/func/sub-800472_ses-02_task-smst_acq-map_run-03_bold.nii.gz",
        "ses-02/func/sub-800472_ses-02_task-smst_acq-map_run-04_bold.nii.gz"
    ]
}