{
    "Modality": "MR",
    "MagneticFieldStrength": 3,
    "ImagingFrequency": 123.220785,
    "Manufacturer": "Siemens",
    "ManufacturersModelName": "MAGNETOM Prisma",
    "InstitutionName": "TTK AKK",
    "InstitutionAddress": "Magyar Tudosok Korutja 2,Budapest,,HU,1117",
    "DeviceSerialNumber": "66040",
    "StationName": "AWP66040",
    "BodyPartExamined": "HEAD",
    "PatientPosition": "HFS",
    "ProcedureStepDescription": "head Aktualis",
    "SoftwareVersions": "syngo MR XA30",
    "MRAcquisitionType": "2D",
    "SeriesDescription": "field_map_map_ap",
    "ProtocolName": "field_map_map_ap",
    "ScanningSequence": "EP",
    "SequenceVariant": "SK",
    "ScanOptions": "PFP\\FS",
    "PulseSequenceName": "*epfid2d1_104",
    "ImageType": [
        "ORIGINAL",
        "PRIMARY",
        "FMRI",
        "NONE"
    ],
    "ImageTypeText": [
        "ORIGINAL",
        "PRIMARY",
        "M",
        "ND",
        "NORM"
    ],
    "NonlinearGradientCorrection": false,
    "SeriesNumber": 19,
    "AcquisitionTime": "16:34:22.185000",
    "AcquisitionNumber": 1,
    "SliceThickness": 2,
    "SpacingBetweenSlices": 2.5,
    "EchoTime": 0.066,
    "RepetitionTime": 8,
    "MTState": false,
    "FlipAngle": 55,
    "PartialFourier": 0.875,
    "BaseResolution": 104,
    "ShimSetting": [
        5899,
        -1083,
        1078,
        259,
        108,
        -88,
        -43,
        6
    ],
    "TxRefAmp": 258.416,
    "PhaseResolution": 1,
    "ReceiveCoilName": "Head_32",
    "ReceiveCoilActiveElements": "HEA;HEP",
    "CoilString": "Head_32",
    "PulseSequenceDetails": "%SiemensSeq%\\ep2d_bold",
    "RefLinesPE": 25,
    "CoilCombinationMethod": "Sum of Squares",
    "MultibandAccelerationFactor": 4,
    "PercentPhaseFOV": 100,
    "PercentSampling": 100,
    "EchoTrainLength": 91,
    "PartialFourierDirection": "PHASE",
    "PhaseEncodingSteps": 104,
    "FrequencyEncodingSteps": 104,
    "AcquisitionMatrixPE": 104,
    "ReconMatrixPE": 104,
    "BandwidthPerPixelPhaseEncode": 14.793,
    "ParallelAcquisitionTechnique": "SMS",
    "EffectiveEchoSpacing": 0.000649996,
    "DerivedVendorReportedEchoSpacing": 0.000649996,
    "TotalReadoutTime": 0.0669495,
    "PixelBandwidth": 1849,
    "DwellTime": 2.6e-06,
    "PhaseEncodingDirection": "j-",
    "SliceTiming": [
        0,
        4.255,
        0.5325,
        4.7875,
        1.065,
        5.32,
        1.595,
        5.8525,
        2.1275,
        6.3825,
        2.66,
        6.915,
        3.1925,
        7.4475,
        3.725,
        0,
        4.255,
        0.5325,
        4.7875,
        1.065,
        5.32,
        1.595,
        5.8525,
        2.1275,
        6.3825,
        2.66,
        6.915,
        3.1925,
        7.4475,
        3.725,
        0,
        4.255,
        0.5325,
        4.7875,
        1.065,
        5.32,
        1.595,
        5.8525,
        2.1275,
        6.3825,
        2.66,
        6.915,
        3.1925,
        7.4475,
        3.725,
        0,
        4.255,
        0.5325,
        4.7875,
        1.065,
        5.32,
        1.595,
        5.8525,
        2.1275,
        6.3825,
        2.66,
        6.915,
        3.1925,
        7.4475,
        3.725
    ],
    "ImageOrientationPatientDICOM": [
        0.999968,
        0.00692476,
        0.00409184,
        -0.00802841,
        0.828312,
        0.560209
    ],
    "InPlanePhaseEncodingDirectionDICOM": "COL",
    "ConversionSoftware": "dcm2niix",
    "ConversionSoftwareVersion": "v1.0.20230411",
    "Dcm2bidsVersion": "2.1.6",
    "IntendedFor": [
        "ses-02/func/sub-193800_ses-02_task-smst_acq-map_run-05_bold.nii.gz",
        "ses-02/func/sub-193800_ses-02_task-smst_acq-map_run-06_bold.nii.gz",
        "ses-02/func/sub-193800_ses-02_task-smst_acq-map_run-07_bold.nii.gz",
        "ses-02/func/sub-193800_ses-02_task-smst_acq-map_run-08_bold.nii.gz"
    ]
}