{
    "Modality": "MR",
    "MagneticFieldStrength": 3,
    "ImagingFrequency": 123.220742,
    "Manufacturer": "Siemens",
    "ManufacturersModelName": "MAGNETOM Prisma",
    "InstitutionName": "TTK AKK",
    "InstitutionAddress": "Magyar Tudosok Korutja 2,Budapest,,HU,1117",
    "DeviceSerialNumber": "66040",
    "StationName": "AWP66040",
    "BodyPartExamined": "HEAD",
    "PatientPosition": "HFS",
    "ProcedureStepDescription": "head Aktualis",
    "SoftwareVersions": "syngo MR XA30",
    "MRAcquisitionType": "2D",
    "SeriesDescription": "PD_tse_WB",
    "ProtocolName": "PD_tse_WB",
    "ScanningSequence": "SE",
    "SequenceVariant": "SK\\SP\\OSP",
    "ScanOptions": "FS",
    "PulseSequenceName": "*tse2d1rr12",
    "ImageType": [
        "ORIGINAL",
        "PRIMARY",
        "M",
        "NONE"
    ],
    "ImageTypeText": [
        "ORIGINAL",
        "PRIMARY",
        "M",
        "NORM",
        "DIS2D"
    ],
    "NonlinearGradientCorrection": true,
    "SeriesNumber": 22,
    "AcquisitionTime": "09:15:9.902500",
    "AcquisitionNumber": 1,
    "SliceThickness": 3,
    "SpacingBetweenSlices": 3,
    "EchoTime": 0.014,
    "RepetitionTime": 11.88,
    "MTState": false,
    "SpoilingState": true,
    "FlipAngle": 120,
    "PartialFourier": 1,
    "BaseResolution": 192,
    "ShimSetting": [
        5901,
        -1056,
        1123,
        365,
        58,
        -337,
        -56,
        5
    ],
    "TxRefAmp": 274.484,
    "PhaseResolution": 0.99,
    "ReceiveCoilName": "Head_32",
    "ReceiveCoilActiveElements": "HEA;HEP",
    "CoilString": "Head_32",
    "PulseSequenceDetails": "%SiemensSeq%\\tse",
    "CoilCombinationMethod": "Adaptive Combine",
    "MatrixCoilMode": "SENSE",
    "PercentPhaseFOV": 81.25,
    "PercentSampling": 99,
    "PhaseEncodingSteps": 154,
    "FrequencyEncodingSteps": 192,
    "AcquisitionMatrixPE": 156,
    "ReconMatrixPE": 156,
    "PixelBandwidth": 96,
    "DwellTime": 2.71e-05,
    "PhaseEncodingDirection": "i",
    "SliceTiming": [
        5.94,
        0,
        6.1325,
        0.1925,
        6.3225,
        0.3825,
        6.515,
        0.575,
        6.7075,
        0.7675,
        6.8975,
        0.9575,
        7.09,
        1.15,
        7.28,
        1.3425,
        7.4725,
        1.5325,
        7.665,
        1.725,
        7.855,
        1.915,
        8.0475,
        2.1075,
        8.24,
        2.3,
        8.43,
        2.49,
        8.6225,
        2.6825,
        8.815,
        2.875,
        9.005,
        3.065,
        9.1975,
        3.2575,
        9.39,
        3.45,
        9.58,
        3.64,
        9.7725,
        3.8325,
        9.965,
        4.025,
        10.155,
        4.215,
        10.3475,
        4.4075,
        10.5375,
        4.5975,
        10.73,
        4.79,
        10.9225,
        4.9825,
        11.1125,
        5.1725,
        11.305,
        5.365,
        11.4975,
        5.5575,
        11.6875,
        5.7475
    ],
    "ImageOrientationPatientDICOM": [
        0.999928,
        0.00189143,
        -0.011835,
        -0.0119343,
        0.24809,
        -0.968663
    ],
    "InPlanePhaseEncodingDirectionDICOM": "ROW",
    "ConversionSoftware": "dcm2niix",
    "ConversionSoftwareVersion": "v1.0.20230411",
    "Dcm2bidsVersion": "2.1.6"
}